PATH
  remote: .
  specs:
    mina-extras (0.0.4)
      mina

GEM
  remote: https://rubygems.org/
  specs:
    mina (0.3.0)
      open4
      rake
    open4 (1.3.0)
    rake (10.1.1)

PLATFORMS
  ruby

DEPENDENCIES
  mina-extras!
