PATH
  remote: .
  specs:
    mina-extras (0.0.8)
      mina

GEM
  remote: https://rubygems.org/
  specs:
    mina (0.3.1)
      open4 (~> 1.3.4)
      rake
    open4 (1.3.4)
    rake (10.3.2)

PLATFORMS
  ruby

DEPENDENCIES
  mina-extras!
